{
  "AcquisitionMatrixPE": 104,
  "AcquisitionNumber": 1,
  "AcquisitionTime": "18:14:7.847500",
  "BandwidthPerPixelPhaseEncode": 17.17,
  "BaseResolution": 104,
  "BodyPartExamined": "BRAIN",
  "CoilString": "HC1-7;NC1_2",
  "ConsistencyInfo": "N4_VE11C_LATEST_20160120",
  "ConversionSoftware": "dcm2niix",
  "ConversionSoftwareVersion": "v1.0.20190902",
  "DerivedVendorReportedEchoSpacing": 0.000560011,
  "DeviceSerialNumber": "167006",
  "DwellTime": 2.1e-06,
  "EchoTime": 0.037,
  "EchoTrainLength": 104,
  "EffectiveEchoSpacing": 0.000560011,
  "FlipAngle": 52,
  "ImageComments": "Unaliased_MB4_PE3_LB",
  "ImageOrientationPatientDICOM": [0.997334, 0.0495734, 0.0535494, -0.0271613, 0.933281, -0.358119],
  "ImageType": [
    "ORIGINAL",
    "PRIMARY",
    "P",
    "MB",
    "ND",
    "MOSAIC"
],
  "ImagingFrequency": 123.259,
  "InPlanePhaseEncodingDirectionDICOM": "COL",
  "InstitutionAddress": "Chemin_Queen-Mary_4565_Montreal_District_CA_H3W_1W5",
  "InstitutionName": "IUGM",
  "InstitutionalDepartmentName": "Department",
  "MRAcquisitionType": "2D",
  "MagneticFieldStrength": 3,
  "Manufacturer": "Siemens",
  "ManufacturersModelName": "Prisma_fit",
  "Modality": "MR",
  "MultibandAccelerationFactor": 4,
  "PartialFourier": 1,
  "PatientPosition": "HFS",
  "PercentPhaseFOV": 100,
  "PhaseEncodingDirection": "j",
  "PhaseEncodingSteps": 104,
  "PhaseResolution": 1,
  "PixelBandwidth": 2290,
  "ProcedureStepDescription": "memory_things",
  "ProtocolName": "func_task-things_run-4",
  "PulseSequenceDetails": "%CustomerSeq%_cmrr_mbep2d_bold",
  "ReceiveCoilActiveElements": "HC1-7;NC1,2",
  "ReceiveCoilName": "HeadNeck_64",
  "ReconMatrixPE": 104,
  "RepetitionTime": 1.49,
  "SAR": 0.0574449,
  "ScanOptions": "FS",
  "ScanningSequence": "EP",
  "SequenceName": "epfid2d1_104",
  "SequenceVariant": "SK_SS",
  "SeriesDescription": "func_task-things_run-4",
  "SeriesNumber": 20,
  "ShimSetting": [630, -7192, -8825, 674, 73, -3, -15, -14],
  "SliceThickness": 2,
  "SliceTiming": [0, 0.7825, 0.0975, 0.88, 0.195, 0.9775, 0.2925, 1.0775, 0.39, 1.175, 0.4875, 1.2725, 0.5875, 1.37, 0.685, 0, 0.7825, 0.0975, 0.88, 0.195, 0.9775, 0.2925, 1.0775, 0.39, 1.175, 0.4875, 1.2725, 0.5875, 1.37, 0.685, 0, 0.7825, 0.0975, 0.88, 0.195, 0.9775, 0.2925, 1.0775, 0.39, 1.175, 0.4875, 1.2725, 0.5875, 1.37, 0.685, 0, 0.7825, 0.0975, 0.88, 0.195, 0.9775, 0.2925, 1.0775, 0.39, 1.175, 0.4875, 1.2725, 0.5875, 1.37, 0.685],
  "SoftwareVersions": "syngo_MR_E11",
  "SpacingBetweenSlices": 2,
  "StationName": "MRC35049",
  "TaskName": "things",
  "TotalReadoutTime": 0.0576811,
  "TxRefAmp": 292.797,
  "WipMemBlock": "86a07f80-88af-4cc7-9b49-307ddd17d7e9||Sequence: R016 ve11c/master r/e634e98; Dec 19 2017 11:00:25 by eja",
  "dcmmeta_affine": [
    [-1.994667887687683, -0.05432254821062088, 0.1354595124721527, 106.73898315429688],
    [-0.099146768450737, 1.866561770439148, -0.7114190459251404, -54.0562744140625],
    [0.10709872096776962, 0.7162375450134277, 1.8642783164978027, -71.10667419433594],
    [0.0, 0.0, 0.0, 1.0]
],
  "dcmmeta_reorient_transform": [
    [0.0, -1.0, 0.0, 103.0],
    [1.0, 0.0, 0.0, 0.0],
    [0.0, 0.0, 1.0, 0.0],
    [0.0, 0.0, 0.0, 1.0]
],
  "dcmmeta_shape": [104, 104, 60, 190],
  "dcmmeta_slice_dim": 2,
  "dcmmeta_version": 0.6,
  "global": {
    "const": {
      "AcquisitionMatrix": [104, 0, 0, 104],
      "AngioFlag": "N",
      "BitsAllocated": 16,
      "BitsStored": 16,
      "BodyPartExamined": "BRAIN",
      "Columns": 832,
      "EchoNumbers": 1,
      "EchoTime": 37.0,
      "EchoTrainLength": 104,
      "FlipAngle": 52.0,
      "HighBit": 15,
      "ImageOrientationPatient": [0.99733391888954, 0.04957338270694, 0.05354936002823, -0.0271612745477, 0.93328089005576, -0.358118758824],
      "ImagePositionPatient": [-807.42944683116, -853.71750106284, 224.39230986647],
      "ImageType": [
        "ORIGINAL",
        "PRIMARY",
        "P",
        "MB",
        "ND",
        "MOSAIC"
],
      "ImagedNucleus": "1H",
      "ImagingFrequency": 123.259104,
      "InPlanePhaseEncodingDirection": "COL",
      "LargestImagePixelValue": 4095,
      "MRAcquisitionType": "2D",
      "MagneticFieldStrength": 3.0,
      "Manufacturer": "SIEMENS",
      "ManufacturerModelName": "Prisma_fit",
      "Modality": "MR",
      "NumberOfAverages": 1.0,
      "NumberOfPhaseEncodingSteps": 104,
      "PercentPhaseFieldOfView": 100.0,
      "PercentSampling": 100.0,
      "PerformedProcedureStepStartTime": "174709.634000",
      "PhotometricInterpretation": "MONOCHROME2",
      "PixelBandwidth": 2290.0,
      "PixelRepresentation": 0,
      "PixelSpacing": [2.0, 2.0],
      "ProtocolName": "func_task-things_run-4",
      "RepetitionTime": 1490.0,
      "RescaleIntercept": -4096.0,
      "RescaleSlope": 2.0,
      "RescaleType": "US",
      "Rows": 832,
      "SAR": 0.05744491274238,
      "SamplesPerPixel": 1,
      "ScanOptions": "FS",
      "ScanningSequence": "EP",
      "SequenceName": "epfid2d1_104",
      "SequenceVariant": [
        "SK",
        "SS"
],
      "SeriesDescription": "func_task-things_run-4",
      "SeriesNumber": 20,
      "SeriesTime": "181526.050000",
      "SliceLocation": -39.823582546945,
      "SliceThickness": 2.0,
      "SmallestImagePixelValue": 0,
      "SoftwareVersions": "syngo MR E11",
      "SpacingBetweenSlices": 2.0000000343001,
      "SpecificCharacterSet": "ISO_IR 100",
      "StudyID": "1",
      "StudyTime": "174709.478000",
      "TransmitCoilName": "Body",
      "VariableFlipAngleFlag": "N",
      "WindowCenterWidthExplanation": "Algo1",
      "dBdt": 0.0},
