{
	"Modality": "MR",
	"MagneticFieldStrength": 3,
	"ImagingFrequency": 123.259,
	"Manufacturer": "Siemens",
	"ManufacturersModelName": "Prisma_fit",
	"InstitutionName": "IUGM",
	"InstitutionalDepartmentName": "Department",
	"InstitutionAddress": "Chemin_Queen-Mary_4565_Montreal_District_CA_H3W_1W5",
	"DeviceSerialNumber": "167006",
	"StationName": "MRC35049",
	"BodyPartExamined": "BRAIN",
	"PatientPosition": "HFS",
	"ProcedureStepDescription": "memory_things",
	"SoftwareVersions": "syngo_MR_E11",
	"MRAcquisitionType": "2D",
	"SeriesDescription": "func_task-things_run-2_SBRef",
	"ProtocolName": "func_task-things_run-2",
	"ScanningSequence": "EP",
	"SequenceVariant": "SK_SS",
	"ScanOptions": "FS",
	"SequenceName": "epfid2d1_104",
	"ImageType": ["ORIGINAL", "PRIMARY", "M", "ND", "MOSAIC"],
	"SeriesNumber": 15,
	"AcquisitionTime": "14:06:33.522500",
	"AcquisitionNumber": 1,
	"ImageComments": "Single-band_reference",
	"SliceThickness": 2,
	"SpacingBetweenSlices": 2,
	"SAR": 0.0382207,
	"EchoTime": 0.037,
	"RepetitionTime": 1.49,
	"FlipAngle": 52,
	"PartialFourier": 1,
	"BaseResolution": 104,
	"ShimSetting": [
		640,
		-7199,
		-8809,
		708,
		64,
		36,
		37,
		6	],
	"TxRefAmp": 215.881,
	"PhaseResolution": 1,
	"ReceiveCoilName": "HeadNeck_64",
	"ReceiveCoilActiveElements": "HC1-7;NC1,2",
	"CoilString": "HC1-7;NC1_2",
	"PulseSequenceDetails": "%CustomerSeq%_cmrr_mbep2d_bold",
	"WipMemBlock": "59e89b18-1071-491e-a8cd-2cc1db547fe2||Sequence: R016 ve11c/master r/e634e98; Dec 19 2017 11:00:25 by eja",
	"ConsistencyInfo": "N4_VE11C_LATEST_20160120",
	"PercentPhaseFOV": 100,
	"EchoTrainLength": 104,
	"PhaseEncodingSteps": 104,
	"AcquisitionMatrixPE": 104,
	"ReconMatrixPE": 104,
	"BandwidthPerPixelPhaseEncode": 17.17,
	"EffectiveEchoSpacing": 0.000560011,
	"DerivedVendorReportedEchoSpacing": 0.000560011,
	"TotalReadoutTime": 0.0576811,
	"PixelBandwidth": 2290,
	"DwellTime": 2.1e-06,
	"PhaseEncodingDirection": "j",
	"SliceTiming": [
		0,
		0.1,
		0.1975,
		0.295,
		0.3925,
		0.49,
		0.59,
		0.6875,
		0.785,
		0.8825,
		0.98,
		1.08,
		1.1775,
		1.275,
		1.3725,
		1.47,
		1.57,
		1.6675,
		1.765,
		1.8625,
		1.96,
		2.06,
		2.1575,
		2.255,
		2.3525,
		2.45,
		2.55,
		2.6475,
		2.745,
		2.8425,
		2.94,
		3.0375,
		3.1375,
		3.235,
		3.3325,
		3.43,
		3.5275,
		3.6275,
		3.725,
		3.8225,
		3.92,
		4.0175,
		4.1175,
		4.215,
		4.3125,
		4.41,
		4.5075,
		4.6075,
		4.705,
		4.8025,
		4.9,
		4.9975,
		5.0975,
		5.195,
		5.2925,
		5.39,
		5.4875,
		5.5875,
		5.685,
		5.7825	],
	"ImageOrientationPatientDICOM": [
		0.999021,
		0.0137993,
		0.0420409,
		-0.00226669,
		0.964839,
		-0.262832	],
	"InPlanePhaseEncodingDirectionDICOM": "COL",
	"ConversionSoftware": "dcm2niix",
	"ConversionSoftwareVersion": "v1.0.20190902"
}
