{
  "AcquisitionMatrixPE": 160,
  "AcquisitionNumber": 1,
  "AcquisitionTime": "15:40:6.127500",
  "BaseResolution": 160,
  "BodyPartExamined": "BRAIN",
  "CoilString": "HC1-7;NC1_2",
  "ConsistencyInfo": "N4_VE11C_LATEST_20160120",
  "ConversionSoftware": "dcm2niix",
  "ConversionSoftwareVersion": "v1.0.20190902",
  "DeviceSerialNumber": "167006",
  "DwellTime": 5.8e-06,
  "EchoTime": 0.00137,
  "FlipAngle": 8,
  "ImageOrientationPatientDICOM": [0, 1, 0, 0, 0, -1],
  "ImageType": [
    "ORIGINAL",
    "PRIMARY",
    "M",
    "ND",
    "NORM"
],
  "ImagingFrequency": 123.259,
  "InPlanePhaseEncodingDirectionDICOM": "ROW",
  "InstitutionAddress": "Chemin_Queen-Mary_4565_Montreal_District_CA_H3W_1W5",
  "InstitutionName": "IUGM",
  "InstitutionalDepartmentName": "Department",
  "MRAcquisitionType": "3D",
  "MagneticFieldStrength": 3,
  "Manufacturer": "Siemens",
  "ManufacturersModelName": "Prisma_fit",
  "Modality": "MR",
  "ParallelReductionFactorInPlane": 3,
  "PartialFourier": 0.75,
  "PatientPosition": "HFS",
  "PercentPhaseFOV": 100,
  "PhaseEncodingSteps": 118,
  "PhaseResolution": 1,
  "PixelBandwidth": 540,
  "ProcedureStepDescription": "memory_things",
  "ProtocolName": "AAHead_Scout",
  "PulseSequenceDetails": "%SiemensSeq%_AALScout",
  "ReceiveCoilActiveElements": "HC1-7;NC1,2",
  "ReceiveCoilName": "HeadNeck_64",
  "ReconMatrixPE": 160,
  "RefLinesPE": 24,
  "RepetitionTime": 0.00315,
  "SAR": 0.0361664,
  "ScanOptions": "PFP",
  "ScanningSequence": "GR",
  "SequenceName": "_fl3d1_ns",
  "SequenceVariant": "SP",
  "SeriesDescription": "AAHead_Scout",
  "SeriesNumber": 15,
  "ShimSetting": [620, -7194, -9127, 77, 28, -20, -10, -23],
  "SliceThickness": 1.6,
  "SoftwareVersions": "syngo_MR_E11",
  "StationName": "MRC35049",
  "TxRefAmp": 316.82,
  "dcmmeta_affine": [
    [1.600000023841858, 0.0, 0.0, 87.20000457763672],
    [0.0, 1.625, 0.0, -118.375],
    [0.0, 0.0, 1.625, -128.375],
    [0.0, 0.0, 0.0, 1.0]
],
  "dcmmeta_reorient_transform": [
    [0.0, 0.0, -1.0, 159.0],
    [0.0, -1.0, 0.0, 159.0],
    [-1.0, 0.0, 0.0, 9.0],
    [0.0, 0.0, 0.0, 1.0]
],
  "dcmmeta_shape": [10, 160, 160],
  "dcmmeta_slice_dim": 0,
  "dcmmeta_version": 0.6,
  "global": {
    "const": {
      "AcquisitionMatrix": [0, 160, 160, 0],
      "AcquisitionNumber": 1,
      "AcquisitionTime": "154006.127500",
      "AngioFlag": "N",
      "BitsAllocated": 16,
      "BitsStored": 12,
      "BodyPartExamined": "BRAIN",
      "Columns": 160,
      "EchoNumbers": 1,
      "EchoTime": 1.37,
      "EchoTrainLength": 1,
      "FlipAngle": 8.0,
      "HighBit": 11,
      "ImageOrientationPatient": [0.0, 1.0, 0.0, 0.0, 0.0, -1.0],
      "ImageType": [
        "ORIGINAL",
        "PRIMARY",
        "M",
        "ND",
        "NORM"
],
      "ImagedNucleus": "1H",
      "ImagingFrequency": 123.258971,
      "InPlanePhaseEncodingDirection": "ROW",
      "MRAcquisitionType": "3D",
      "MagneticFieldStrength": 3.0,
      "Manufacturer": "SIEMENS",
      "ManufacturerModelName": "Prisma_fit",
      "Modality": "MR",
      "NumberOfAverages": 1.0,
      "NumberOfPhaseEncodingSteps": 118,
      "PercentPhaseFieldOfView": 100.0,
      "PercentSampling": 100.0,
      "PerformedProcedureStepStartTime": "141152.097000",
      "PhotometricInterpretation": "MONOCHROME2",
      "PixelBandwidth": 540.0,
      "PixelRepresentation": 0,
      "PixelSpacing": [1.625, 1.625],
      "ProtocolName": "AAHead_Scout",
      "RepetitionTime": 3.15,
      "Rows": 160,
      "SAR": 0.03616635580539,
      "SamplesPerPixel": 1,
      "ScanOptions": "PFP",
      "ScanningSequence": "GR",
      "SequenceName": "*fl3d1_ns",
      "SequenceVariant": "SP",
      "SeriesDescription": "AAHead_Scout",
      "SeriesNumber": 15,
      "SeriesTime": "154023.481000",
      "SliceThickness": 1.6000000238419,
      "SmallestImagePixelValue": 0,
      "SoftwareVersions": "syngo MR E11",
      "SpecificCharacterSet": "ISO_IR 100",
      "StudyID": "1",
      "StudyTime": "141152.023000",
      "TransmitCoilName": "Body",
      "VariableFlipAngleFlag": "N",
      "WindowCenterWidthExplanation": "Algo1",
      "dBdt": 0.0},
    "slices": {
      "ContentTime": ["154023.506000", "154023.504000", "154023.502000", "154023.499000", "154023.497000", "154023.495000", "154023.492000", "154023.490000", "154023.488000", "154023.484000"],
      "CsaImage.Actual3DImaPartNumber": [9, 8, 7, 6, 5, 4, 3, 2, 1, 0],
      "CsaImage.ICE_Dims": [
        "X_1_1_1_1_1_10_1_1_1_1_1_111",
        "X_1_1_1_1_1_9_1_1_1_1_1_111",
        "X_1_1_1_1_1_8_1_1_1_1_1_111",
        "X_1_1_1_1_1_7_1_1_1_1_1_111",
        "X_1_1_1_1_1_6_1_1_1_1_1_111",
        "X_1_1_1_1_1_5_1_1_1_1_1_111",
        "X_1_1_1_1_1_4_1_1_1_1_1_111",
        "X_1_1_1_1_1_3_1_1_1_1_1_111",
        "X_1_1_1_1_1_2_1_1_1_1_1_111",
        "X_1_1_1_1_1_1_1_1_1_1_1_111"
],
      "CsaImage.SlicePosition_PCS": [
        [-87.2000013, -140.0, 130.0],
        [-88.80000132, -140.0, 130.0],
        [-90.40000135, -140.0, 130.0],
        [-92.00000137, -140.0, 130.0],
        [-93.60000139, -140.0, 130.0],
        [-95.20000142, -140.0, 130.0],
        [-96.80000144, -140.0, 130.0],
        [-98.40000147, -140.0, 130.0],
        [-100.00000149, -140.0, 130.0],
        [-101.60000151, -140.0, 130.0]
],
      "ImagePositionPatient": [
        [-87.200001299381, -140.0, 130.0],
        [-88.800001323223, -140.0, 130.0],
        [-90.400001347065, -140.0, 130.0],
        [-92.000001370907, -140.0, 130.0],
        [-93.600001394749, -140.0, 130.0],
        [-95.200001418591, -140.0, 130.0],
        [-96.800001442432, -140.0, 130.0],
        [-98.400001466274, -140.0, 130.0],
        [-100.00000149012, -140.0, 130.0],
        [-101.60000151396, -140.0, 130.0]
],
      "InstanceCreationTime": ["154023.506000", "154023.504000", "154023.502000", "154023.499000", "154023.497000", "154023.495000", "154023.492000", "154023.490000", "154023.488000", "154023.484000"],
      "InstanceNumber": [10, 9, 8, 7, 6, 5, 4, 3, 2, 1],
      "LargestImagePixelValue": [39, 40, 41, 39, 26, 29, 23, 19, 25, 23],
      "SliceLocation": [-87.200001299381, -88.800001323223, -90.400001347065, -92.000001370907, -93.600001394749, -95.200001418591, -96.800001442432, -98.400001466274, -100.00000149012, -101.60000151396],
      "WindowCenter": [25.0, 24.0, 22.0, 21.0, 21.0, 14.0, 11.0, 9.0, 12.0, 11.0],
      "WindowWidth": [64.0, 59.0, 54.0, 53.0, 52.0, 29.0, 23.0, 19.0, 25.0, 23.0]
    }
  }
}