{
  "AcquisitionMatrixPE": 104,
  "AcquisitionNumber": 1,
  "AcquisitionTime": "15:54:14.090000",
  "BandwidthPerPixelPhaseEncode": 17.17,
  "BaseResolution": 104,
  "BodyPartExamined": "BRAIN",
  "CoilString": "HC1-7;NC1_2",
  "ConsistencyInfo": "N4_VE11C_LATEST_20160120",
  "ConversionSoftware": "dcm2niix",
  "ConversionSoftwareVersion": "v1.0.20190902",
  "DerivedVendorReportedEchoSpacing": 0.000560011,
  "DeviceSerialNumber": "167006",
  "DwellTime": 2.1e-06,
  "EchoTime": 0.037,
  "EchoTrainLength": 104,
  "EffectiveEchoSpacing": 0.000560011,
  "FlipAngle": 52,
  "ImageComments": "Unaliased_MB4_PE3_LB",
  "ImageOrientationPatientDICOM": [0.997576, -0.0668215, 0.019407, 0.0695824, 0.957221, -0.280868],
  "ImageType": [
    "ORIGINAL",
    "PRIMARY",
    "P",
    "MB",
    "ND",
    "MOSAIC"
],
  "ImagingFrequency": 123.259,
  "InPlanePhaseEncodingDirectionDICOM": "COL",
  "InstitutionAddress": "Chemin_Queen-Mary_4565_Montreal_District_CA_H3W_1W5",
  "InstitutionName": "IUGM",
  "InstitutionalDepartmentName": "Department",
  "MRAcquisitionType": "2D",
  "MagneticFieldStrength": 3,
  "Manufacturer": "Siemens",
  "ManufacturersModelName": "Prisma_fit",
  "Modality": "MR",
  "MultibandAccelerationFactor": 4,
  "PartialFourier": 1,
  "PatientPosition": "HFS",
  "PercentPhaseFOV": 100,
  "PhaseEncodingDirection": "j",
  "PhaseEncodingSteps": 104,
  "PhaseResolution": 1,
  "PixelBandwidth": 2290,
  "ProcedureStepDescription": "memory_things",
  "ProtocolName": "func_task-things_run-5",
  "PulseSequenceDetails": "%CustomerSeq%_cmrr_mbep2d_bold",
  "ReceiveCoilActiveElements": "HC1-7;NC1,2",
  "ReceiveCoilName": "HeadNeck_64",
  "ReconMatrixPE": 104,
  "RepetitionTime": 1.49,
  "SAR": 0.0448602,
  "ScanOptions": "FS",
  "ScanningSequence": "EP",
  "SequenceName": "epfid2d1_104",
  "SequenceVariant": "SK_SS",
  "SeriesDescription": "func_task-things_run-5",
  "SeriesNumber": 26,
  "ShimSetting": [629, -7264, -8782, 647, -23, -215, 2, -16],
  "SliceThickness": 2,
  "SliceTiming": [0, 0.7825, 0.0975, 0.88, 0.195, 0.98, 0.2925, 1.0775, 0.3925, 1.175, 0.49, 1.2725, 0.5875, 1.37, 0.685, 0, 0.7825, 0.0975, 0.88, 0.195, 0.98, 0.2925, 1.0775, 0.3925, 1.175, 0.49, 1.2725, 0.5875, 1.37, 0.685, 0, 0.7825, 0.0975, 0.88, 0.195, 0.98, 0.2925, 1.0775, 0.3925, 1.175, 0.49, 1.2725, 0.5875, 1.37, 0.685, 0, 0.7825, 0.0975, 0.88, 0.195, 0.98, 0.2925, 1.0775, 0.3925, 1.175, 0.49, 1.2725, 0.5875, 1.37, 0.685],
  "SoftwareVersions": "syngo_MR_E11",
  "SpacingBetweenSlices": 2,
  "StationName": "MRC35049",
  "TaskName": "things",
  "TotalReadoutTime": 0.0576811,
  "TxRefAmp": 262.018,
  "WipMemBlock": "1f53e543-27dd-4915-b04d-332f27716c93||Sequence: R016 ve11c/master r/e634e98; Dec 19 2017 11:00:25 by eja",
  "dcmmeta_affine": [
    [-1.9951523542404175, 0.1391647309064865, -0.0003823584411293268, 99.87901306152344],
    [0.13364294171333313, 1.9144415855407715, -0.5630747079849243, -74.6865234375],
    [0.03881406784057617, 0.5617355108261108, 1.9191005229949951, -53.60455322265625],
    [0.0, 0.0, 0.0, 1.0]
],
  "dcmmeta_reorient_transform": [
    [0.0, -1.0, 0.0, 103.0],
    [1.0, 0.0, 0.0, 0.0],
    [0.0, 0.0, 1.0, 0.0],
    [0.0, 0.0, 0.0, 1.0]
],
  "dcmmeta_shape": [104, 104, 60, 30],
  "dcmmeta_slice_dim": 2,
  "dcmmeta_version": 0.6,
  "global": {
    "const": {
      "AcquisitionMatrix": [104, 0, 0, 104],
      "AngioFlag": "N",
      "BitsAllocated": 16,
      "BitsStored": 16,
      "BodyPartExamined": "BRAIN",
      "Columns": 832,
      "EchoNumbers": 1,
      "EchoTime": 37.0,
      "EchoTrainLength": 104,
      "FlipAngle": 52.0,
      "HighBit": 15,
      "ImageOrientationPatient": [0.99757619166961, -0.0668214698943, 0.01940703416618, 0.06958236317103, 0.95722077159696, -0.2808677431797],
      "ImagePositionPatient": [-891.1044113179, -770.71164452321, 194.59759627619],
      "ImageType": [
        "ORIGINAL",
        "PRIMARY",
        "P",
        "MB",
        "ND",
        "MOSAIC"
],
      "ImagedNucleus": "1H",
      "ImagingFrequency": 123.25888,
      "InPlanePhaseEncodingDirection": "COL",
      "LargestImagePixelValue": 4095,
      "MRAcquisitionType": "2D",
      "MagneticFieldStrength": 3.0,
      "Manufacturer": "SIEMENS",
      "ManufacturerModelName": "Prisma_fit",
      "Modality": "MR",
      "NumberOfAverages": 1.0,
      "NumberOfPhaseEncodingSteps": 104,
      "PercentPhaseFieldOfView": 100.0,
      "PercentSampling": 100.0,
      "PerformedProcedureStepStartTime": "150137.961000",
      "PhotometricInterpretation": "MONOCHROME2",
      "PixelBandwidth": 2290.0,
      "PixelRepresentation": 0,
      "PixelSpacing": [2.0, 2.0],
      "ProtocolName": "func_task-things_run-5",
      "RepetitionTime": 1490.0,
      "RescaleIntercept": -4096.0,
      "RescaleSlope": 2.0,
      "RescaleType": "US",
      "Rows": 832,
      "SAR": 0.04486017529863,
      "SamplesPerPixel": 1,
      "ScanOptions": "FS",
      "ScanningSequence": "EP",
      "SequenceName": "epfid2d1_104",
      "SequenceVariant": [
        "SK",
        "SS"
],
      "SeriesDescription": "func_task-things_run-5",
      "SeriesNumber": 26,
      "SeriesTime": "155537.858000",
      "SliceLocation": -30.428311359306,
      "SliceThickness": 2.0,
      "SmallestImagePixelValue": 0,
      "SoftwareVersions": "syngo MR E11",
      "SpacingBetweenSlices": 1.9999999984936,
      "SpecificCharacterSet": "ISO_IR 100",
      "StudyID": "1",
      "StudyTime": "150137.866000",
      "TransmitCoilName": "Body",
      "VariableFlipAngleFlag": "N",
      "WindowCenterWidthExplanation": "Algo1",
      "dBdt": 0.0},
    "slices": {}
  },
  "time": {
    "samples": {
      "AcquisitionNumber": [1, 2, 3, 4, 5, 6, 7, 8, 9, 10, 11, 12, 13, 14, 15, 16, 17, 18, 19, 20, 21, 22, 23, 24, 25, 26, 27, 28, 29, 30],
      "AcquisitionTime": ["155414.090000", "155415.580000", "155417.070000", "155418.560000", "155420.050000", "155421.540000", "155423.030000", "155424.520000", "155426.010000", "155427.500000", "155428.990000", "155430.480000", "155431.970000", "155433.460000", "155434.950000", "155436.440000", "155437.930000", "155439.420000", "155440.910000", "155442.400000", "155443.890000", "155445.380000", "155446.870000", "155448.360000", "155449.850000", "155451.340000", "155452.830000", "155454.320000", "155455.810000", "155457.300000"],
      "ContentTime": ["155537.860000", "155537.863000", "155537.866000", "155537.868000", "155537.871000", "155537.873000", "155537.880000", "155537.882000", "155537.885000", "155537.887000", "155537.889000", "155537.892000", "155537.894000", "155537.897000", "155537.899000", "155537.902000", "155537.904000", "155537.907000", "155537.909000", "155537.912000", "155537.914000", "155537.917000", "155537.919000", "155537.922000", "155537.924000", "155537.927000", "155537.929000", "155537.932000", "155537.934000", "155537.937000"],
      "InstanceCreationTime": ["155537.860000", "155537.863000", "155537.866000", "155537.868000", "155537.871000", "155537.873000", "155537.880000", "155537.882000", "155537.885000", "155537.887000", "155537.889000", "155537.892000", "155537.894000", "155537.897000", "155537.899000", "155537.902000", "155537.904000", "155537.907000", "155537.909000", "155537.912000", "155537.914000", "155537.917000", "155537.919000", "155537.922000", "155537.924000", "155537.927000", "155537.929000", "155537.932000", "155537.934000", "155537.937000"],
      "InstanceNumber": [1, 2, 3, 4, 5, 6, 7, 8, 9, 10, 11, 12, 13, 14, 15, 16, 17, 18, 19, 20, 21, 22, 23, 24, 25, 26, 27, 28, 29, 30],
      "WindowCenter": [4874.0, 4874.0, 4874.0, 4876.0, 4876.0, 4870.0, 4868.0, 4876.0, 4872.0, 4840.0, 4878.0, 4878.0, 4834.0, 4872.0, 4876.0, 4878.0, 4876.0, 4862.0, 4870.0, 4872.0, 4836.0, 4774.0, 4772.0, 4874.0, 4878.0, 4874.0, 4874.0, 4876.0, 4842.0, 4804.0],
      "WindowWidth": [18682.0, 18680.0, 18682.0, 18684.0, 18686.0, 18684.0, 18684.0, 18688.0, 18686.0, 18646.0, 18692.0, 18690.0, 18648.0, 18688.0, 18688.0, 18688.0, 18684.0, 18682.0, 18684.0, 18684.0, 18646.0, 18562.0, 18568.0, 18684.0, 18670.0, 18658.0, 18662.0, 18678.0, 18646.0, 18604.0]
    },
    "slices": {}
  }
}