{
  "AcquisitionMatrixPE": 233,
  "AcquisitionNumber": 1,
  "AcquisitionTime": "17:45:50.285000",
  "BaseResolution": 256,
  "BodyPartExamined": "BRAIN",
  "CoilString": "HC1-7;NC1_2",
  "ConsistencyInfo": "N4_VE11C_LATEST_20160120",
  "ConversionSoftware": "dcm2niix",
  "ConversionSoftwareVersion": "v1.0.20190902",
  "DeviceSerialNumber": "167006",
  "DwellTime": 6.1e-06,
  "EchoTime": 0.00369,
  "FlipAngle": 20,
  "HeudiconvVersion": "0.10.0",
  "ImageOrientationPatientDICOM": [
    1,
    0,
    0,
    0,
    0,
    -1
  ],
  "ImageType": [
    "ORIGINAL",
    "PRIMARY",
    "M",
    "NORM",
    "DIS2D"
  ],
  "ImagingFrequency": 123.259,
  "InPlanePhaseEncodingDirectionDICOM": "ROW",
  "InstitutionAddress": "Chemin_Queen-Mary_4565_Montreal_District_CA_H3W_1W5",
  "InstitutionName": "IUGM",
  "InstitutionalDepartmentName": "Department",
  "Interpolation2D": 1,
  "MRAcquisitionType": "2D",
  "MagneticFieldStrength": 3,
  "Manufacturer": "Siemens",
  "ManufacturersModelName": "Prisma_fit",
  "Modality": "MR",
  "NumberOfAverages": 2,
  "PartialFourier": 1,
  "PatientPosition": "HFS",
  "PercentPhaseFOV": 100,
  "PhaseEncodingDirection": "i",
  "PhaseEncodingSteps": 233,
  "PhaseResolution": 0.91,
  "PixelBandwidth": 320,
  "ProcedureStepDescription": "memory_things",
  "ProtocolName": "localizer",
  "PulseSequenceDetails": "%SiemensSeq%_gre",
  "ReceiveCoilActiveElements": "HC1-7;NC1,2",
  "ReceiveCoilName": "HeadNeck_64",
  "ReconMatrixPE": 512,
  "RepetitionTime": 0.0075,
  "SAR": 0.0486242,
  "ScanningSequence": "GR",
  "SequenceName": "_fl2d1",
  "SequenceVariant": "SP_OSP",
  "SeriesDescription": "localizer",
  "SeriesNumber": 5,
  "ShimSetting": [
    621,
    -7191,
    -9126,
    52,
    33,
    -14,
    -34,
    -17
  ],
  "SliceThickness": 7,
  "SliceTiming": [
    0
  ],
  "SoftwareVersions": "syngo_MR_E11",
  "SpacingBetweenSlices": 8.4,
  "StationName": "MRC35049",
  "TxRefAmp": 295.506
}