{
	"Modality": "MR",
	"MagneticFieldStrength": 3,
	"ImagingFrequency": 123.259,
	"Manufacturer": "Siemens",
	"ManufacturersModelName": "Prisma_fit",
	"InstitutionName": "IUGM",
	"InstitutionalDepartmentName": "Department",
	"InstitutionAddress": "Chemin_Queen-Mary_4565_Montreal_District_CA_H3W_1W5",
	"DeviceSerialNumber": "167006",
	"StationName": "MRC35049",
	"BodyPartExamined": "BRAIN",
	"PatientPosition": "HFS",
	"ProcedureStepDescription": "memory_things",
	"SoftwareVersions": "syngo_MR_E11",
	"MRAcquisitionType": "2D",
	"SeriesDescription": "func_AP_run-1_SBRef",
	"ProtocolName": "func_AP_run-1",
	"ScanningSequence": "EP",
	"SequenceVariant": "SK_SS",
	"ScanOptions": "FS",
	"SequenceName": "epfid2d1_104",
	"ImageType": ["ORIGINAL", "PRIMARY", "M", "ND", "MOSAIC"],
	"SeriesNumber": 6,
	"AcquisitionTime": "15:32:1.270000",
	"AcquisitionNumber": 1,
	"ImageComments": "Single-band_reference",
	"SliceThickness": 2,
	"SpacingBetweenSlices": 2,
	"SAR": 0.0419477,
	"EchoTime": 0.037,
	"RepetitionTime": 1.49,
	"FlipAngle": 52,
	"PartialFourier": 1,
	"BaseResolution": 104,
	"ShimSetting": [
		628,
		-7249,
		-8831,
		587,
		-6,
		-211,
		-50,
		-33	],
	"TxRefAmp": 257.819,
	"PhaseResolution": 1,
	"ReceiveCoilName": "HeadNeck_64",
	"ReceiveCoilActiveElements": "HC1-7;NC1,2",
	"CoilString": "HC1-7;NC1_2",
	"PulseSequenceDetails": "%CustomerSeq%_cmrr_mbep2d_bold",
	"WipMemBlock": "78a3652f-32a3-4bb5-ab9c-cec24184bbc8||Sequence: R016 ve11c/master r/e634e98; Dec 19 2017 11:00:25 by eja",
	"ConsistencyInfo": "N4_VE11C_LATEST_20160120",
	"PercentPhaseFOV": 100,
	"EchoTrainLength": 104,
	"PhaseEncodingSteps": 104,
	"AcquisitionMatrixPE": 104,
	"ReconMatrixPE": 104,
	"BandwidthPerPixelPhaseEncode": 17.17,
	"EffectiveEchoSpacing": 0.000560011,
	"DerivedVendorReportedEchoSpacing": 0.000560011,
	"TotalReadoutTime": 0.0576811,
	"PixelBandwidth": 2290,
	"DwellTime": 2.1e-06,
	"PhaseEncodingDirection": "j-",
	"SliceTiming": [
		0,
		0.0975,
		0.195,
		0.2925,
		0.39,
		0.49,
		0.5875,
		0.685,
		0.7825,
		0.88,
		0.98,
		1.0775,
		1.175,
		1.2725,
		1.37,
		1.47,
		1.5675,
		1.665,
		1.7625,
		1.86,
		1.96,
		2.0575,
		2.155,
		2.2525,
		2.35,
		2.45,
		2.5475,
		2.645,
		2.7425,
		2.84,
		2.94,
		3.0375,
		3.135,
		3.2325,
		3.33,
		3.43,
		3.5275,
		3.625,
		3.7225,
		3.82,
		3.92,
		4.0175,
		4.115,
		4.2125,
		4.31,
		4.41,
		4.5075,
		4.605,
		4.7025,
		4.8,
		4.8975,
		4.9975,
		5.095,
		5.1925,
		5.29,
		5.3875,
		5.4875,
		5.585,
		5.6825,
		5.78	],
	"ImageOrientationPatientDICOM": [
		0.998822,
		-0.0427354,
		0.0229676,
		0.0478022,
		0.947783,
		-0.315312	],
	"InPlanePhaseEncodingDirectionDICOM": "COL",
	"ConversionSoftware": "dcm2niix",
	"ConversionSoftwareVersion": "v1.0.20190902"
}
