{
  "AcquisitionMatrixPE": 104,
  "AcquisitionNumber": 1,
  "AcquisitionTime": "16:06:36.857500",
  "BandwidthPerPixelPhaseEncode": 17.17,
  "BaseResolution": 104,
  "BodyPartExamined": "BRAIN",
  "CoilString": "HC1-7;NC1_2",
  "ConsistencyInfo": "N4_VE11C_LATEST_20160120",
  "ConversionSoftware": "dcm2niix",
  "ConversionSoftwareVersion": "v1.0.20190902",
  "DerivedVendorReportedEchoSpacing": 0.000560011,
  "DeviceSerialNumber": "167006",
  "DwellTime": 2.1e-06,
  "EchoTime": 0.037,
  "EchoTrainLength": 104,
  "EffectiveEchoSpacing": 0.000560011,
  "FlipAngle": 52,
  "ImageComments": "Unaliased_MB4_PE3_LB",
  "ImageOrientationPatientDICOM": [
    0.997896,
    -0.063562,
    0.0127807,
    0.064531,
    0.954698,
    -0.290494
  ],
  "ImageType": [
    "ORIGINAL",
    "PRIMARY",
    "P",
    "MB",
    "ND",
    "MOSAIC"
  ],
  "ImagingFrequency": 123.259,
  "InPlanePhaseEncodingDirectionDICOM": "COL",
  "InstitutionAddress": "Chemin_Queen-Mary_4565_Montreal_District_CA_H3W_1W5",
  "InstitutionName": "IUGM",
  "InstitutionalDepartmentName": "Department",
  "MRAcquisitionType": "2D",
  "MagneticFieldStrength": 3,
  "Manufacturer": "Siemens",
  "ManufacturersModelName": "Prisma_fit",
  "Modality": "MR",
  "MultibandAccelerationFactor": 4,
  "PartialFourier": 1,
  "PatientPosition": "HFS",
  "PercentPhaseFOV": 100,
  "PhaseEncodingDirection": "j-",
  "PhaseEncodingSteps": 104,
  "PhaseResolution": 1,
  "PixelBandwidth": 2290,
  "ProcedureStepDescription": "memory_things",
  "ProtocolName": "func_AP_run-1",
  "PulseSequenceDetails": "%CustomerSeq%_cmrr_mbep2d_bold",
  "ReceiveCoilActiveElements": "HC1-7;NC1,2",
  "ReceiveCoilName": "HeadNeck_64",
  "ReconMatrixPE": 104,
  "RepetitionTime": 1.49,
  "SAR": 0.0382382,
  "ScanOptions": "FS",
  "ScanningSequence": "EP",
  "SequenceName": "epfid2d1_104",
  "SequenceVariant": "SK_SS",
  "SeriesDescription": "func_AP_run-1",
  "SeriesNumber": 25,
  "ShimSetting": [
    630,
    -7265,
    -8819,
    592,
    15,
    -217,
    -13,
    -25
  ],
  "SliceThickness": 2,
  "SliceTiming": [
    0,
    0.7825,
    0.0975,
    0.8825,
    0.195,
    0.98,
    0.2925,
    1.0775,
    0.3925,
    1.175,
    0.49,
    1.2725,
    0.5875,
    1.3725,
    0.685,
    0,
    0.7825,
    0.0975,
    0.8825,
    0.195,
    0.98,
    0.2925,
    1.0775,
    0.3925,
    1.175,
    0.49,
    1.2725,
    0.5875,
    1.3725,
    0.685,
    0,
    0.7825,
    0.0975,
    0.8825,
    0.195,
    0.98,
    0.2925,
    1.0775,
    0.3925,
    1.175,
    0.49,
    1.2725,
    0.5875,
    1.3725,
    0.685,
    0,
    0.7825,
    0.0975,
    0.8825,
    0.195,
    0.98,
    0.2925,
    1.0775,
    0.3925,
    1.175,
    0.49,
    1.2725,
    0.5875,
    1.3725,
    0.685
  ],
  "SoftwareVersions": "syngo_MR_E11",
  "SpacingBetweenSlices": 2,
  "StationName": "MRC35049",
  "TotalReadoutTime": 0.0576811,
  "TxRefAmp": 249.264,
  "WipMemBlock": "719d23e2-1605-442f-afec-81349c529f6c||Sequence: R016 ve11c/master r/e634e98; Dec 19 2017 11:00:25 by eja"
}