{
  "AcquisitionMatrixPE": 160,
  "AcquisitionNumber": 1,
  "AcquisitionTime": "15:11:23.015000",
  "BaseResolution": 160,
  "BodyPartExamined": "BRAIN",
  "CoilString": "HC1-7;NC1_2",
  "ConsistencyInfo": "N4_VE11C_LATEST_20160120",
  "ConversionSoftware": "dcm2niix",
  "ConversionSoftwareVersion": "v1.0.20190902",
  "DeviceSerialNumber": "167006",
  "DwellTime": 5.8e-06,
  "EchoTime": 0.00137,
  "FlipAngle": 8,
  "ImageOrientationPatientDICOM": [0, 1, 0, 0, 0, -1],
  "ImageType": [
    "ORIGINAL",
    "PRIMARY",
    "M",
    "ND",
    "NORM"
],
  "ImagingFrequency": 123.259,
  "InPlanePhaseEncodingDirectionDICOM": "ROW",
  "InstitutionAddress": "Chemin_Queen-Mary_4565_Montreal_District_CA_H3W_1W5",
  "InstitutionName": "IUGM",
  "InstitutionalDepartmentName": "Department",
  "MRAcquisitionType": "3D",
  "MagneticFieldStrength": 3,
  "Manufacturer": "Siemens",
  "ManufacturersModelName": "Prisma_fit",
  "Modality": "MR",
  "ParallelReductionFactorInPlane": 3,
  "PartialFourier": 0.75,
  "PatientPosition": "HFS",
  "PercentPhaseFOV": 100,
  "PhaseEncodingSteps": 118,
  "PhaseResolution": 1,
  "PixelBandwidth": 540,
  "ProcedureStepDescription": "memory_things",
  "ProtocolName": "AAHead_Scout",
  "PulseSequenceDetails": "%SiemensSeq%_AALScout",
  "ReceiveCoilActiveElements": "HC1-7;NC1,2",
  "ReceiveCoilName": "HeadNeck_64",
  "ReconMatrixPE": 160,
  "RefLinesPE": 24,
  "RepetitionTime": 0.00315,
  "SAR": 0.0163952,
  "ScanOptions": "PFP",
  "ScanningSequence": "GR",
  "SequenceName": "_fl3d1_ns",
  "SequenceVariant": "SP",
  "SeriesDescription": "AAHead_Scout",
  "SeriesNumber": 1,
  "ShimSetting": [620, -7194, -9127, 77, 28, -20, -10, -23],
  "SliceThickness": 1.6,
  "SoftwareVersions": "syngo_MR_E11",
  "StationName": "MRC35049",
  "TxRefAmp": 219.708,
  "dcmmeta_affine": [
    [1.600000023841858, 0.0, 0.0, -101.5999984741211],
    [0.0, 1.625, 0.0, -118.375],
    [0.0, 0.0, 1.625, -128.375],
    [0.0, 0.0, 0.0, 1.0]
],
  "dcmmeta_reorient_transform": [
    [0.0, 0.0, -1.0, 159.0],
    [0.0, -1.0, 0.0, 159.0],
    [-1.0, 0.0, 0.0, 127.0],
    [0.0, 0.0, 0.0, 1.0]
],
  "dcmmeta_shape": [128, 160, 160],
  "dcmmeta_slice_dim": 0,
  "dcmmeta_version": 0.6,
  "global": {
    "const": {
      "AcquisitionMatrix": [0, 160, 160, 0],
      "AcquisitionNumber": 1,
      "AcquisitionTime": "151123.015000",
      "AngioFlag": "N",
      "BitsAllocated": 16,
      "BitsStored": 12,
      "BodyPartExamined": "BRAIN",
      "Columns": 160,
      "EchoNumbers": 1,
      "EchoTime": 1.37,
      "EchoTrainLength": 1,
      "FlipAngle": 8.0,
      "HighBit": 11,
      "ImageOrientationPatient": [0.0, 1.0, 0.0, 0.0, 0.0, -1.0],
      "ImageType": [
        "ORIGINAL",
        "PRIMARY",
        "M",
        "ND",
        "NORM"
],
      "ImagedNucleus": "1H",
      "ImagingFrequency": 123.258949,
      "InPlanePhaseEncodingDirection": "ROW",
      "MRAcquisitionType": "3D",
      "MagneticFieldStrength": 3.0,
      "Manufacturer": "SIEMENS",
      "ManufacturerModelName": "Prisma_fit",
      "Modality": "MR",
      "NumberOfAverages": 1.0,
      "NumberOfPhaseEncodingSteps": 118,
      "PercentPhaseFieldOfView": 100.0,
      "PercentSampling": 100.0,
      "PerformedProcedureStepStartTime": "144933.854000",
      "PhotometricInterpretation": "MONOCHROME2",
      "PixelBandwidth": 540.0,
      "PixelRepresentation": 0,
      "PixelSpacing": [1.625, 1.625],
      "ProtocolName": "AAHead_Scout",
      "RepetitionTime": 3.15,
      "Rows": 160,
      "SAR": 0.01639520616236,
      "SamplesPerPixel": 1,
      "ScanOptions": "PFP",
      "ScanningSequence": "GR",
      "SequenceName": "*fl3d1_ns",
      "SequenceVariant": "SP",
      "SeriesDescription": "AAHead_Scout",
      "SeriesNumber": 1,
      "SeriesTime": "151140.051000",
      "SliceThickness": 1.6000000238419,
      "SmallestImagePixelValue": 0,
      "SoftwareVersions": "syngo MR E11",
      "SpecificCharacterSet": "ISO_IR 100",
      "StudyID": "1",
      "StudyTime": "144933.768000",
      "TransmitCoilName": "Body",
      "VariableFlipAngleFlag": "N",
      "WindowCenterWidthExplanation": "Algo1",
      "dBdt": 0.0},
