{
  "AcquisitionMatrixPE": 104,
  "AcquisitionNumber": 1,
  "AcquisitionTime": "10:49:36.295000",
  "BandwidthPerPixelPhaseEncode": 17.17,
  "BaseResolution": 104,
  "BodyPartExamined": "BRAIN",
  "CoilString": "HC1-7;NC1_2",
  "ConsistencyInfo": "N4_VE11C_LATEST_20160120",
  "ConversionSoftware": "dcm2niix",
  "ConversionSoftwareVersion": "v1.0.20190902",
  "DerivedVendorReportedEchoSpacing": 0.000560011,
  "DeviceSerialNumber": "167006",
  "DwellTime": 2.1e-06,
  "EchoTime": 0.037,
  "EchoTrainLength": 104,
  "EffectiveEchoSpacing": 0.000560011,
  "FlipAngle": 52,
  "ImageComments": "Single-band_reference",
  "ImageOrientationPatientDICOM": [
    0.999423,
    0.0100666,
    0.0324332,
    0.00732627,
    0.868651,
    -0.49537
  ],
  "ImageType": [
    "ORIGINAL",
    "PRIMARY",
    "P",
    "ND",
    "MOSAIC"
  ],
  "ImagingFrequency": 123.259,
  "InPlanePhaseEncodingDirectionDICOM": "COL",
  "InstitutionAddress": "Chemin_Queen-Mary_4565_Montreal_District_CA_H3W_1W5",
  "InstitutionName": "IUGM",
  "InstitutionalDepartmentName": "Department",
  "MRAcquisitionType": "2D",
  "MagneticFieldStrength": 3,
  "Manufacturer": "Siemens",
  "ManufacturersModelName": "Prisma_fit",
  "Modality": "MR",
  "PartialFourier": 1,
  "PatientPosition": "HFS",
  "PercentPhaseFOV": 100,
  "PhaseEncodingDirection": "j-",
  "PhaseEncodingSteps": 104,
  "PhaseResolution": 1,
  "PixelBandwidth": 2290,
  "ProcedureStepDescription": "memory_things",
  "ProtocolName": "func_AP_run-1",
  "PulseSequenceDetails": "%CustomerSeq%_cmrr_mbep2d_bold",
  "ReceiveCoilActiveElements": "HC1-7;NC1,2",
  "ReceiveCoilName": "HeadNeck_64",
  "ReconMatrixPE": 104,
  "RepetitionTime": 1.49,
  "SAR": 0.042177,
  "ScanOptions": "FS",
  "ScanningSequence": "EP",
  "SequenceName": "epfid2d1_104",
  "SequenceVariant": "SK_SS",
  "SeriesDescription": "func_AP_run-1_SBRef",
  "SeriesNumber": 6,
  "ShimSetting": [
    613,
    -7177,
    -8854,
    299,
    -31,
    -116,
    -16,
    -26
  ],
  "SliceThickness": 2,
  "SliceTiming": [
    0,
    0.0975,
    0.195,
    0.295,
    0.3925,
    0.49,
    0.5875,
    0.685,
    0.785,
    0.8825,
    0.98,
    1.0775,
    1.175,
    1.275,
    1.3725,
    1.47,
    1.5675,
    1.665,
    1.765,
    1.8625,
    1.96,
    2.0575,
    2.155,
    2.255,
    2.3525,
    2.45,
    2.5475,
    2.645,
    2.745,
    2.8425,
    2.94,
    3.0375,
    3.135,
    3.235,
    3.3325,
    3.43,
    3.5275,
    3.625,
    3.725,
    3.8225,
    3.92,
    4.0175,
    4.115,
    4.215,
    4.3125,
    4.41,
    4.5075,
    4.605,
    4.705,
    4.8025,
    4.9,
    4.9975,
    5.095,
    5.1925,
    5.2925,
    5.39,
    5.4875,
    5.585,
    5.6825,
    5.7825
  ],
  "SoftwareVersions": "syngo_MR_E11",
  "SpacingBetweenSlices": 2,
  "StationName": "MRC35049",
  "TotalReadoutTime": 0.0576811,
  "TxRefAmp": 281.88,
  "WipMemBlock": "461b9ece-9b41-44a0-b66a-50b76d60ac56||Sequence: R016 ve11c/master r/e634e98; Dec 19 2017 11:00:25 by eja"
}