{
  "AcquisitionMatrixPE": 104,
  "AcquisitionNumber": 1,
  "AcquisitionTime": "13:25:51.835000",
  "BandwidthPerPixelPhaseEncode": 17.17,
  "BaseResolution": 104,
  "BodyPartExamined": "BRAIN",
  "CoilCombinationMethod": "Sum of Squares",
  "ConsistencyInfo": "N4_VE11C_LATEST_20160120",
  "ConversionSoftware": "dcm2niix",
  "ConversionSoftwareVersion": "v1.0.20211006",
  "DerivedVendorReportedEchoSpacing": 0.000560011,
  "DeviceSerialNumber": "167006",
  "DwellTime": 2.1e-06,
  "EchoTime": 0.037,
  "EchoTrainLength": 104,
  "EffectiveEchoSpacing": 0.000560011,
  "FlipAngle": 52,
  "HeudiconvVersion": "0.10.0",
  "ImageComments": "Single-band reference",
  "ImageOrientationPatientDICOM": [
    0.999556,
    0.0097687,
    0.0281379,
    -0.00244239,
    0.968388,
    -0.249436
  ],
  "ImageOrientationText": "Tra>Cor(-14.4)>Sag(1.7)",
  "ImageType": [
    "ORIGINAL",
    "PRIMARY",
    "M",
    "ND",
    "MOSAIC"
  ],
  "ImagingFrequency": 123.259,
  "InPlanePhaseEncodingDirectionDICOM": "COL",
  "InstitutionAddress": "Chemin Queen-Mary 4565,Montreal,District,CA,H3W 1W5",
  "InstitutionName": "IUGM",
  "InstitutionalDepartmentName": "Department",
  "MRAcquisitionType": "2D",
  "MagneticFieldStrength": 3,
  "Manufacturer": "Siemens",
  "ManufacturersModelName": "Prisma_fit",
  "MatrixCoilMode": "SENSE",
  "Modality": "MR",
  "PartialFourier": 1,
  "PatientPosition": "HFS",
  "PercentPhaseFOV": 100,
  "PercentSampling": 100,
  "PhaseEncodingDirection": "j",
  "PhaseEncodingSteps": 104,
  "PhaseResolution": 1,
  "PixelBandwidth": 2290,
  "ProcedureStepDescription": "memory^things",
  "ProtocolName": "func_task-things_run-1",
  "PulseSequenceDetails": "%CustomerSeq%\\cmrr_mbep2d_bold",
  "ReceiveCoilActiveElements": "HC1-7;NC1,2",
  "ReceiveCoilName": "HeadNeck_64",
  "ReconMatrixPE": 104,
  "RepetitionTime": 1.49,
  "SAR": 0.0850042,
  "ScanOptions": "FS",
  "ScanningSequence": "EP",
  "SequenceName": "epfid2d1_104",
  "SequenceVariant": "SK\\SS",
  "SeriesDescription": "func_task-things_run-1_SBRef",
  "SeriesNumber": 9,
  "ShimSetting": [
    627,
    -7218,
    -8803,
    738,
    18,
    -13,
    74,
    -12
  ],
  "SliceThickness": 2,
  "SliceTiming": [
    0,
    0.0975,
    0.195,
    0.2925,
    0.39,
    0.49,
    0.5875,
    0.685,
    0.7825,
    0.88,
    0.9775,
    1.0775,
    1.175,
    1.2725,
    1.37,
    1.4675,
    1.5675,
    1.665,
    1.7625,
    1.86,
    1.9575,
    2.0575,
    2.155,
    2.2525,
    2.35,
    2.4475,
    2.5475,
    2.645,
    2.7425,
    2.84,
    2.9375,
    3.0375,
    3.135,
    3.2325,
    3.33,
    3.4275,
    3.5275,
    3.625,
    3.7225,
    3.82,
    3.9175,
    4.0175,
    4.115,
    4.2125,
    4.31,
    4.4075,
    4.5075,
    4.605,
    4.7025,
    4.8,
    4.8975,
    4.9975,
    5.095,
    5.1925,
    5.29,
    5.3875,
    5.4875,
    5.585,
    5.6825,
    5.78
  ],
  "SoftwareVersions": "syngo MR E11",
  "SpacingBetweenSlices": 2,
  "StationName": "MRC35049",
  "TotalReadoutTime": 0.0576811,
  "TxRefAmp": 310.408,
  "WipMemBlock": "2fe71dda-564b-45d6-bc2e-f7052873a1bc||Sequence: R016 ve11c/master r/e634e98; Dec 19 2017 11:00:25 by eja"
}