{
  "AcquisitionMatrixPE": 104,
  "AcquisitionNumber": 1,
  "AcquisitionTime": "15:34:18.425000",
  "BandwidthPerPixelPhaseEncode": 17.17,
  "BaseResolution": 104,
  "BodyPartExamined": "BRAIN",
  "CoilString": "HC1-7;NC1_2",
  "ConsistencyInfo": "N4_VE11C_LATEST_20160120",
  "ConversionSoftware": "dcm2niix",
  "ConversionSoftwareVersion": "v1.0.20190902",
  "DerivedVendorReportedEchoSpacing": 0.000560011,
  "DeviceSerialNumber": "167006",
  "DwellTime": 2.1e-06,
  "EchoTime": 0.037,
  "EchoTrainLength": 104,
  "EffectiveEchoSpacing": 0.000560011,
  "FlipAngle": 52,
  "ImageComments": "Unaliased_MB4_PE3_LB",
  "ImageOrientationPatientDICOM": [0.999511, -0.0267865, 0.0161404, 0.0307124, 0.938068, -0.345088],
  "ImageType": [
    "ORIGINAL",
    "PRIMARY",
    "P",
    "MB",
    "ND",
    "MOSAIC"
],
  "ImagingFrequency": 123.259,
  "InPlanePhaseEncodingDirectionDICOM": "COL",
  "InstitutionAddress": "Chemin_Queen-Mary_4565_Montreal_District_CA_H3W_1W5",
  "InstitutionName": "IUGM",
  "InstitutionalDepartmentName": "Department",
  "MRAcquisitionType": "2D",
  "MagneticFieldStrength": 3,
  "Manufacturer": "Siemens",
  "ManufacturersModelName": "Prisma_fit",
  "Modality": "MR",
  "MultibandAccelerationFactor": 4,
  "PartialFourier": 1,
  "PatientPosition": "HFS",
  "PercentPhaseFOV": 100,
  "PhaseEncodingDirection": "j",
  "PhaseEncodingSteps": 104,
  "PhaseResolution": 1,
  "PixelBandwidth": 2290,
  "ProcedureStepDescription": "memory_things",
  "ProtocolName": "func_task-things_run-3",
  "PulseSequenceDetails": "%CustomerSeq%_cmrr_mbep2d_bold",
  "ReceiveCoilActiveElements": "HC1-7;NC1,2",
  "ReceiveCoilName": "HeadNeck_64",
  "ReconMatrixPE": 104,
  "RepetitionTime": 1.49,
  "SAR": 0.070071,
  "ScanOptions": "FS",
  "ScanningSequence": "EP",
  "SequenceName": "epfid2d1_104",
  "SequenceVariant": "SK_SS",
  "SeriesDescription": "func_task-things_run-3",
  "SeriesNumber": 17,
  "ShimSetting": [633, -7241, -8821, 566, 16, -161, -63, -25],
  "SliceThickness": 2,
  "SliceTiming": [0, 0.785, 0.0975, 0.8825, 0.1975, 0.98, 0.295, 1.0775, 0.3925, 1.1775, 0.49, 1.275, 0.5875, 1.3725, 0.6875, 0, 0.785, 0.0975, 0.8825, 0.1975, 0.98, 0.295, 1.0775, 0.3925, 1.1775, 0.49, 1.275, 0.5875, 1.3725, 0.6875, 0, 0.785, 0.0975, 0.8825, 0.1975, 0.98, 0.295, 1.0775, 0.3925, 1.1775, 0.49, 1.275, 0.5875, 1.3725, 0.6875, 0, 0.785, 0.0975, 0.8825, 0.1975, 0.98, 0.295, 1.0775, 0.3925, 1.1775, 0.49, 1.275, 0.5875, 1.3725, 0.6875],
  "SoftwareVersions": "syngo_MR_E11",
  "SpacingBetweenSlices": 2,
  "StationName": "MRC35049",
  "TaskName": "things",
  "TotalReadoutTime": 0.0576811,
  "TxRefAmp": 298.125,
  "WipMemBlock": "12305132-0661-4f1f-8bbc-d82c3d86301f||Sequence: R016 ve11c/master r/e634e98; Dec 19 2017 11:00:25 by eja",
  "dcmmeta_affine": [
    [-1.9990217685699463, 0.06142483279109001, 0.011794264428317547, 104.46095275878906],
    [0.053572945296764374, 1.8761355876922607, -0.6908293962478638, -66.56169891357422],
    [0.03228085860610008, 0.6901755928993225, 1.8768632411956787, -66.36097717285156],
    [0.0, 0.0, 0.0, 1.0]
],
  "dcmmeta_reorient_transform": [
    [0.0, -1.0, 0.0, 103.0],
    [1.0, 0.0, 0.0, 0.0],
    [0.0, 0.0, 1.0, 0.0],
    [0.0, 0.0, 0.0, 1.0]
],
  "dcmmeta_shape": [104, 104, 60, 190],
  "dcmmeta_slice_dim": 2,
  "dcmmeta_version": 0.6,
  "global": {
    "const": {
      "AcquisitionMatrix": [104, 0, 0, 104],
      "AngioFlag": "N",
      "BitsAllocated": 16,
      "BitsStored": 16,
      "BodyPartExamined": "BRAIN",
      "Columns": 832,
      "EchoNumbers": 1,
      "EchoTime": 37.0,
      "EchoTrainLength": 104,
      "FlipAngle": 52.0,
      "HighBit": 15,
      "ImageOrientationPatient": [0.9995108660566, -0.0267864734652, 0.01614042979884, 0.03071241548912, 0.93806778326228, -0.3450877881644],
      "ImagePositionPatient": [-860.79025738861, -790.09305887592, 244.20078464917],
      "ImageType": [
        "ORIGINAL",
        "PRIMARY",
        "P",
        "MB",
        "ND",
        "MOSAIC"
],
      "ImagedNucleus": "1H",
      "ImagingFrequency": 123.258943,
      "InPlanePhaseEncodingDirection": "COL",
      "LargestImagePixelValue": 4095,
      "MRAcquisitionType": "2D",
      "MagneticFieldStrength": 3.0,
      "Manufacturer": "SIEMENS",
      "ManufacturerModelName": "Prisma_fit",
      "Modality": "MR",
      "NumberOfAverages": 1.0,
      "NumberOfPhaseEncodingSteps": 104,
      "PercentPhaseFieldOfView": 100.0,
      "PercentSampling": 100.0,
      "PerformedProcedureStepStartTime": "150647.031000",
      "PhotometricInterpretation": "MONOCHROME2",
      "PixelBandwidth": 2290.0,
      "PixelRepresentation": 0,
      "PixelSpacing": [2.0, 2.0],
      "ProtocolName": "func_task-things_run-3",
      "RepetitionTime": 1490.0,
      "RescaleIntercept": -4096.0,
      "RescaleSlope": 2.0,
      "RescaleType": "US",
      "Rows": 832,
      "SAR": 0.07007098044568,
      "SamplesPerPixel": 1,
      "ScanOptions": "FS",
      "ScanningSequence": "EP",
      "SequenceName": "epfid2d1_104",
      "SequenceVariant": [
        "SK",
        "SS"
],
      "SeriesDescription": "func_task-things_run-3",
      "SeriesNumber": 17,
      "SeriesTime": "153535.220000",
      "SliceLocation": -38.667829391693,
      "SliceThickness": 2.0,
      "SmallestImagePixelValue": 0,
      "SoftwareVersions": "syngo MR E11",
      "SpacingBetweenSlices": 1.9999999504796,
      "SpecificCharacterSet": "ISO_IR 100",
      "StudyID": "1",
      "StudyTime": "150646.935000",
      "TransmitCoilName": "Body",
      "VariableFlipAngleFlag": "N",
      "WindowCenterWidthExplanation": "Algo1",
      "dBdt": 0.0},
