{
	"Modality": "MR",
	"MagneticFieldStrength": 3,
	"ImagingFrequency": 123.259,
	"Manufacturer": "Siemens",
	"ManufacturersModelName": "Prisma_fit",
	"InstitutionName": "IUGM",
	"InstitutionalDepartmentName": "Department",
	"InstitutionAddress": "Chemin_Queen-Mary_4565_Montreal_District_CA_H3W_1W5",
	"DeviceSerialNumber": "167006",
	"StationName": "MRC35049",
	"BodyPartExamined": "BRAIN",
	"PatientPosition": "HFS",
	"ProcedureStepDescription": "memory_things",
	"SoftwareVersions": "syngo_MR_E11",
	"MRAcquisitionType": "2D",
	"SeriesDescription": "func_task-things_run-1_SBRef",
	"ProtocolName": "func_task-things_run-1",
	"ScanningSequence": "EP",
	"SequenceVariant": "SK_SS",
	"ScanOptions": "FS",
	"SequenceName": "epfid2d1_104",
	"ImageType": ["ORIGINAL", "PRIMARY", "P", "ND", "MOSAIC"],
	"SeriesNumber": 9,
	"AcquisitionTime": "10:52:30.600000",
	"AcquisitionNumber": 1,
	"ImageComments": "Single-band_reference",
	"SliceThickness": 2,
	"SpacingBetweenSlices": 2,
	"SAR": 0.0495976,
	"EchoTime": 0.037,
	"RepetitionTime": 1.49,
	"FlipAngle": 52,
	"PartialFourier": 1,
	"BaseResolution": 104,
	"ShimSetting": [
		617,
		-7184,
		-8857,
		309,
		18,
		-122,
		-46,
		-12	],
	"TxRefAmp": 283.354,
	"PhaseResolution": 1,
	"ReceiveCoilName": "HeadNeck_64",
	"ReceiveCoilActiveElements": "HC1-7;NC1,2",
	"CoilString": "HC1-7;NC1_2",
	"PulseSequenceDetails": "%CustomerSeq%_cmrr_mbep2d_bold",
	"WipMemBlock": "db46c6d2-ae4a-42ff-99b9-6570ca8d054e||Sequence: R016 ve11c/master r/e634e98; Dec 19 2017 11:00:25 by eja",
	"ConsistencyInfo": "N4_VE11C_LATEST_20160120",
	"PercentPhaseFOV": 100,
	"EchoTrainLength": 104,
	"PhaseEncodingSteps": 104,
	"AcquisitionMatrixPE": 104,
	"ReconMatrixPE": 104,
	"BandwidthPerPixelPhaseEncode": 17.17,
	"EffectiveEchoSpacing": 0.000560011,
	"DerivedVendorReportedEchoSpacing": 0.000560011,
	"TotalReadoutTime": 0.0576811,
	"PixelBandwidth": 2290,
	"DwellTime": 2.1e-06,
	"PhaseEncodingDirection": "j",
	"SliceTiming": [
		0,
		0.0975,
		0.1975,
		0.295,
		0.3925,
		0.49,
		0.5875,
		0.6875,
		0.785,
		0.8825,
		0.98,
		1.0775,
		1.1775,
		1.275,
		1.3725,
		1.47,
		1.5675,
		1.6675,
		1.765,
		1.8625,
		1.96,
		2.0575,
		2.1575,
		2.255,
		2.3525,
		2.45,
		2.5475,
		2.6475,
		2.745,
		2.8425,
		2.94,
		3.0375,
		3.135,
		3.235,
		3.3325,
		3.43,
		3.5275,
		3.625,
		3.725,
		3.8225,
		3.92,
		4.0175,
		4.115,
		4.215,
		4.3125,
		4.41,
		4.5075,
		4.605,
		4.705,
		4.8025,
		4.9,
		4.9975,
		5.095,
		5.195,
		5.2925,
		5.39,
		5.4875,
		5.585,
		5.685,
		5.7825	],
	"ImageOrientationPatientDICOM": [
		0.999598,
		0.0174431,
		0.0223568,
		-0.00453607,
		0.876628,
		-0.481147	],
	"InPlanePhaseEncodingDirectionDICOM": "COL",
	"ConversionSoftware": "dcm2niix",
	"ConversionSoftwareVersion": "v1.0.20190902"
}
