{
  "AcquisitionMatrixPE": 104,
  "AcquisitionNumber": 1,
  "AcquisitionTime": "10:50:24.507500",
  "BandwidthPerPixelPhaseEncode": 17.17,
  "BaseResolution": 104,
  "BodyPartExamined": "BRAIN",
  "CoilCombinationMethod": "Sum of Squares",
  "ConsistencyInfo": "N4_VE11C_LATEST_20160120",
  "ConversionSoftware": "dcm2niix",
  "ConversionSoftwareVersion": "v1.0.20211006",
  "DerivedVendorReportedEchoSpacing": 0.000560011,
  "DeviceSerialNumber": "167006",
  "DwellTime": 2.1e-06,
  "EchoTime": 0.037,
  "EchoTrainLength": 104,
  "EffectiveEchoSpacing": 0.000560011,
  "FlipAngle": 52,
  "HeudiconvVersion": "0.10.0",
  "ImageComments": "Unaliased MB4/PE3/LB",
  "ImageOrientationPatientDICOM": [0.999598, 0.0174431, 0.0223568, -0.00453607, 0.876628, -0.481147],
  "ImageOrientationText": "Tra>Cor(-28.8)>Sag(1.6)",
  "ImageType": [
    "ORIGINAL",
    "PRIMARY",
    "M",
    "MB",
    "ND",
    "MOSAIC"
],
  "ImagingFrequency": 123.259,
  "InPlanePhaseEncodingDirectionDICOM": "COL",
  "InstitutionAddress": "Chemin Queen-Mary 4565,Montreal,District,CA,H3W 1W5",
  "InstitutionName": "IUGM",
  "InstitutionalDepartmentName": "Department",
  "MRAcquisitionType": "2D",
  "MagneticFieldStrength": 3,
  "Manufacturer": "Siemens",
  "ManufacturersModelName": "Prisma_fit",
  "MatrixCoilMode": "SENSE",
  "Modality": "MR",
  "MultibandAccelerationFactor": 4,
  "PartialFourier": 1,
  "PatientPosition": "HFS",
  "PercentPhaseFOV": 100,
  "PercentSampling": 100,
  "PhaseEncodingDirection": "j-",
  "PhaseEncodingSteps": 104,
  "PhaseResolution": 1,
  "PixelBandwidth": 2290,
  "ProcedureStepDescription": "memory^things",
  "ProtocolName": "func_AP_run-1",
  "PulseSequenceDetails": "%CustomerSeq%\\cmrr_mbep2d_bold",
  "ReceiveCoilActiveElements": "HC1-7;NC1,2",
  "ReceiveCoilName": "HeadNeck_64",
  "ReconMatrixPE": 104,
  "RepetitionTime": 1.49,
  "SAR": 0.0399653,
  "ScanOptions": "FS",
  "ScanningSequence": "EP",
  "SequenceName": "epfid2d1_104",
  "SequenceVariant": "SK\\SS",
  "SeriesDescription": "func_AP_run-1",
  "SeriesNumber": 7,
  "ShimSetting": [617, -7184, -8857, 309, 18, -122, -46, -12],
  "SliceThickness": 2,
  "SliceTiming": [0, 0.785, 0.1, 0.8825, 0.1975, 0.98, 0.295, 1.08, 0.3925, 1.1775, 0.49, 1.275, 0.59, 1.3725, 0.6875, 0, 0.785, 0.1, 0.8825, 0.1975, 0.98, 0.295, 1.08, 0.3925, 1.1775, 0.49, 1.275, 0.59, 1.3725, 0.6875, 0, 0.785, 0.1, 0.8825, 0.1975, 0.98, 0.295, 1.08, 0.3925, 1.1775, 0.49, 1.275, 0.59, 1.3725, 0.6875, 0, 0.785, 0.1, 0.8825, 0.1975, 0.98, 0.295, 1.08, 0.3925, 1.1775, 0.49, 1.275, 0.59, 1.3725, 0.6875],
  "SoftwareVersions": "syngo MR E11",
  "SpacingBetweenSlices": 2,
  "StationName": "MRC35049",
  "TotalReadoutTime": 0.0576811,
  "TxRefAmp": 283.354,
  "WipMemBlock": "541e981c-1822-4adb-b628-4aa414f7e951||Sequence: R016 ve11c/master r/e634e98; Dec 19 2017 11:00:25 by eja",
  "dcmmeta_affine": [
    [-1.9991956949234009, -0.009072137996554375, 0.055982556194067, 106.1611099243164],
    [-0.03488623723387718, 1.7532566785812378, -0.9617037773132324, -52.06081771850586],
    [0.04471353814005852, 0.9622935652732849, 1.7527098655700684, -93.40302276611328],
    [0.0, 0.0, 0.0, 1.0]
],
  "dcmmeta_reorient_transform": [
    [0.0, -1.0, 0.0, 103.0],
    [1.0, 0.0, 0.0, 0.0],
    [0.0, 0.0, 1.0, 0.0],
    [0.0, 0.0, 0.0, 1.0]
],
  "dcmmeta_shape": [104, 104, 60, 3],
  "dcmmeta_slice_dim": 2,
  "dcmmeta_version": 0.6,
  "global": {
    "const": {
      "AcquisitionMatrix": [104, 0, 0, 104],
      "AngioFlag": "N",
      "BitsAllocated": 16,
      "BitsStored": 16,
      "BodyPartExamined": "BRAIN",
      "Columns": 832,
      "EchoNumbers": 1,
      "EchoTime": 37.0,
      "EchoTrainLength": 104,
      "FlipAngle": 52.0,
      "HighBit": 15,
      "ImageOrientationPatient": [0.99959787538767, 0.01744311949612, 0.0223567686106, -0.0045360692124, 0.87662831268828, -0.4811467816264],
      "ImagePositionPatient": [-829.63167261001, -779.4086188638, 339.71234096949],
      "ImageType": [
        "ORIGINAL",
        "PRIMARY",
        "M",
        "MB",
        "ND",
        "MOSAIC"
],
      "ImagedNucleus": "1H",
      "ImagingFrequency": 123.258933,
      "InPlanePhaseEncodingDirection": "COL",
      "MRAcquisitionType": "2D",
      "MagneticFieldStrength": 3.0,
      "Manufacturer": "SIEMENS",
      "ManufacturerModelName": "Prisma_fit",
      "Modality": "MR",
      "NumberOfAverages": 1.0,
      "NumberOfPhaseEncodingSteps": 104,
      "PercentPhaseFieldOfView": 100.0,
      "PercentSampling": 100.0,
      "PerformedProcedureStepStartTime": "103931.407000",
      "PhotometricInterpretation": "MONOCHROME2",
      "PixelBandwidth": 2290.0,
      "PixelRepresentation": 0,
      "PixelSpacing": [2.0, 2.0],
      "ProtocolName": "func_AP_run-1",
      "RepetitionTime": 1490.0,
      "Rows": 832,
      "SAR": 0.03996530432662,
      "SamplesPerPixel": 1,
      "ScanOptions": "FS",
      "ScanningSequence": "EP",
      "SequenceName": "epfid2d1_104",
      "SequenceVariant": [
        "SK",
        "SS"
],
      "SeriesDescription": "func_AP_run-1",
      "SeriesNumber": 7,
      "SeriesTime": "105116.105000",
      "SliceLocation": -53.849074361735,
      "SliceThickness": 2.0,
      "SmallestImagePixelValue": 0,
      "SoftwareVersions": "syngo MR E11",
      "SpacingBetweenSlices": 2.000000023866,
      "SpecificCharacterSet": "ISO_IR 100",
      "StudyID": "1",
      "StudyTime": "103930.913000",
      "TransmitCoilName": "Body",
      "VariableFlipAngleFlag": "N",
      "WindowCenterWidthExplanation": "Algo1",
      "dBdt": 0.0},
    "slices": {}
  },
  "time": {
    "samples": {
      "AcquisitionNumber": [1, 2, 3],
      "AcquisitionTime": ["105024.507500", "105025.997500", "105027.487500"],
      "ContentTime": ["105116.108000", "105116.119000", "105116.122000"],
      "InstanceCreationTime": ["105116.108000", "105116.119000", "105116.122000"],
      "InstanceNumber": [1, 2, 3],
      "LargestImagePixelValue": [49039, 48591, 47908],
      "WindowCenter": [10892.0, 10859.0, 10868.0],
      "WindowWidth": [23447.0, 23334.0, 23342.0]
    },
    "slices": {}
  }
}