{
  "AcquisitionMatrixPE": 104,
  "AcquisitionNumber": 1,
  "AcquisitionTime": "15:36:1.510000",
  "BandwidthPerPixelPhaseEncode": 17.17,
  "BaseResolution": 104,
  "BodyPartExamined": "BRAIN",
  "CoilCombinationMethod": "Sum of Squares",
  "ConsistencyInfo": "N4_VE11C_LATEST_20160120",
  "ConversionSoftware": "dcm2niix",
  "ConversionSoftwareVersion": "v1.0.20211006",
  "DerivedVendorReportedEchoSpacing": 0.000560011,
  "DeviceSerialNumber": "167006",
  "DwellTime": 2.1e-06,
  "EchoTime": 0.037,
  "EchoTime1": 0.037,
  "EchoTime2": 0.001,
  "EchoTrainLength": 104,
  "EffectiveEchoSpacing": 0.000560011,
  "FlipAngle": 52,
  "HeudiconvVersion": "0.11.3.post9+gc939bf8",
  "ImageComments": "Unaliased MB4/PE3/LB",
  "ImageOrientationPatientDICOM": [0.998336, -0.0533228, 0.0219593, 0.0575637, 0.944295, -0.324028],
  "ImageOrientationText": "Tra>Cor(-19.0)>Sag(0.2)",
  "ImageType": [
    "ORIGINAL",
    "PRIMARY",
    "P",
    "MB",
    "ND",
    "MOSAIC",
    "PHASE"
],
  "ImagingFrequency": 123.259,
  "InPlanePhaseEncodingDirectionDICOM": "COL",
  "InstitutionAddress": "Chemin Queen-Mary 4565,Montreal,District,CA,H3W 1W5",
  "InstitutionName": "IUGM",
  "InstitutionalDepartmentName": "Department",
  "MRAcquisitionType": "2D",
  "MagneticFieldStrength": 3,
  "Manufacturer": "Siemens",
  "ManufacturersModelName": "Prisma_fit",
  "MatrixCoilMode": "SENSE",
  "Modality": "MR",
  "MultibandAccelerationFactor": 4,
  "PartialFourier": 1,
  "PatientPosition": "HFS",
  "PercentPhaseFOV": 100,
  "PercentSampling": 100,
  "PhaseEncodingDirection": "j",
  "PhaseEncodingSteps": 104,
  "PhaseResolution": 1,
  "PixelBandwidth": 2290,
  "ProcedureStepDescription": "memory^things",
  "ProtocolName": "func_task-things_run-2",
  "PulseSequenceDetails": "%CustomerSeq%\\cmrr_mbep2d_bold",
  "ReceiveCoilActiveElements": "HC1-7;NC1,2",
  "ReceiveCoilName": "HeadNeck_64",
  "ReconMatrixPE": 104,
  "RepetitionTime": 1.49,
  "SAR": 0.0637085,
  "ScanOptions": "FS",
  "ScanningSequence": "EP",
  "SequenceName": "epfid2d1_104",
  "SequenceVariant": "SK\\SS",
  "SeriesDescription": "func_task-things_run-2",
  "SeriesNumber": 14,
  "ShimSetting": [627, -7246, -8812, 594, -13, -180, -34, -15],
  "SliceThickness": 2,
  "SliceTiming": [0, 0.785, 0.0975, 0.8825, 0.1975, 0.98, 0.295, 1.0775, 0.3925, 1.175, 0.49, 1.275, 0.5875, 1.3725, 0.685, 0, 0.785, 0.0975, 0.8825, 0.1975, 0.98, 0.295, 1.0775, 0.3925, 1.175, 0.49, 1.275, 0.5875, 1.3725, 0.685, 0, 0.785, 0.0975, 0.8825, 0.1975, 0.98, 0.295, 1.0775, 0.3925, 1.175, 0.49, 1.275, 0.5875, 1.3725, 0.685, 0, 0.785, 0.0975, 0.8825, 0.1975, 0.98, 0.295, 1.0775, 0.3925, 1.175, 0.49, 1.275, 0.5875, 1.3725, 0.685],
  "SoftwareVersions": "syngo MR E11",
  "SpacingBetweenSlices": 2,
  "StationName": "MRC35049",
  "TaskName": "things",
  "TotalReadoutTime": 0.0576811,
  "TxRefAmp": 316.82,
  "WipMemBlock": "72751138-6df3-46f8-9147-1f416531b3ae||Sequence: R016 ve11c/master r/e634e98; Dec 19 2017 11:00:25 by eja",
  "dcmmeta_affine": [
    [-1.9966716766357422, 0.11512734740972519, 0.006915942765772343, 101.28788757324219],
    [0.10664563626050949, 1.8885891437530518, -0.6495056748390198, -71.68354034423828],
    [0.04391862079501152, 0.6480560302734375, 1.8915852308273315, -63.599849700927734],
    [0.0, 0.0, 0.0, 1.0]
],
  "dcmmeta_reorient_transform": [
    [0.0, -1.0, 0.0, 103.0],
    [1.0, 0.0, 0.0, 0.0],
    [0.0, 0.0, 1.0, 0.0],
    [0.0, 0.0, 0.0, 1.0]
],
  "dcmmeta_shape": [104, 104, 60, 31],
  "dcmmeta_slice_dim": 2,
  "dcmmeta_version": 0.6,
  "global": {
    "const": {
      "AcquisitionMatrix": [104, 0, 0, 104],
      "AngioFlag": "N",
      "BitsAllocated": 16,
      "BitsStored": 16,
      "BodyPartExamined": "BRAIN",
      "Columns": 832,
      "EchoNumbers": 1,
      "EchoTime": 37.0,
      "EchoTrainLength": 104,
      "FlipAngle": 52.0,
      "HighBit": 15,
      "ImageOrientationPatient": [0.99833584816982, -0.053322818375, 0.02195931008909, 0.05756367511329, 0.94429459223615, -0.3240280024643],
      "ImagePositionPatient": [-881.84085590718, -771.46859626626, 223.05592759941],
      "ImageType": [
        "ORIGINAL",
        "PRIMARY",
        "P",
        "MB",
        "ND",
        "MOSAIC"
],
      "ImagedNucleus": "1H",
      "ImagingFrequency": 123.258929,
      "InPlanePhaseEncodingDirection": "COL",
      "LargestImagePixelValue": 4095,
      "MRAcquisitionType": "2D",
      "MagneticFieldStrength": 3.0,
      "Manufacturer": "SIEMENS",
      "ManufacturerModelName": "Prisma_fit",
      "Modality": "MR",
      "NumberOfAverages": 1.0,
      "NumberOfPhaseEncodingSteps": 104,
      "PercentPhaseFieldOfView": 100.0,
      "PercentSampling": 100.0,
      "PerformedProcedureStepStartTime": "141152.097000",
      "PhotometricInterpretation": "MONOCHROME2",
      "PixelBandwidth": 2290.0,
      "PixelRepresentation": 0,
      "PixelSpacing": [2.0, 2.0],
      "ProtocolName": "func_task-things_run-2",
      "RepetitionTime": 1490.0,
      "RescaleIntercept": -4096.0,
      "RescaleSlope": 2.0,
      "RescaleType": "US",
      "Rows": 832,
      "SAR": 0.06370845145104,
      "SamplesPerPixel": 1,
      "ScanOptions": "FS",
      "ScanningSequence": "EP",
      "SequenceName": "epfid2d1_104",
      "SequenceVariant": [
        "SK",
        "SS"
],
      "SeriesDescription": "func_task-things_run-2",
      "SeriesNumber": 14,
      "SeriesTime": "153657.856000",
      "SliceLocation": -36.522583106192,
      "SliceThickness": 2.0,
      "SmallestImagePixelValue": 0,
      "SoftwareVersions": "syngo MR E11",
      "SpacingBetweenSlices": 2.0000000111131,
      "SpecificCharacterSet": "ISO_IR 100",
      "StudyID": "1",
      "StudyTime": "141152.023000",
      "TransmitCoilName": "Body",
      "VariableFlipAngleFlag": "N",
      "WindowCenterWidthExplanation": "Algo1",
      "dBdt": 0.0},
    "slices": {}
  },
  "time": {
    "samples": {
      "AcquisitionNumber": [1, 2, 3, 4, 5, 6, 7, 8, 9, 10, 11, 12, 13, 14, 15, 16, 17, 18, 19, 20, 21, 22, 23, 24, 25, 26, 27, 28, 29, 30, 31],
      "AcquisitionTime": ["153601.510000", "153603.000000", "153604.490000", "153605.980000", "153607.470000", "153608.960000", "153610.450000", "153611.940000", "153613.430000", "153614.920000", "153616.410000", "153617.900000", "153619.390000", "153620.880000", "153622.370000", "153623.860000", "153625.350000", "153626.840000", "153628.330000", "153629.820000", "153631.310000", "153632.800000", "153634.290000", "153635.780000", "153637.270000", "153638.760000", "153640.250000", "153641.740000", "153643.230000", "153644.720000", "153646.210000"],
      "ContentTime": ["153657.858000", "153717.923000", "153717.926000", "153717.928000", "153717.931000", "153717.934000", "153717.936000", "153717.939000", "153717.941000", "153717.944000", "153717.946000", "153717.949000", "153717.952000", "153717.954000", "153717.957000", "153717.959000", "153717.962000", "153717.964000", "153717.967000", "153717.969000", "153717.972000", "153728.127000", "153728.130000", "153728.133000", "153728.135000", "153728.138000", "153728.140000", "153728.143000", "153728.145000", "153728.148000", "153728.150000"],
      "InstanceCreationTime": ["153657.858000", "153717.923000", "153717.926000", "153717.928000", "153717.931000", "153717.934000", "153717.936000", "153717.939000", "153717.941000", "153717.944000", "153717.946000", "153717.949000", "153717.952000", "153717.954000", "153717.957000", "153717.959000", "153717.962000", "153717.964000", "153717.967000", "153717.969000", "153717.972000", "153728.127000", "153728.130000", "153728.133000", "153728.135000", "153728.138000", "153728.140000", "153728.143000", "153728.145000", "153728.148000", "153728.150000"],
      "InstanceNumber": [1, 2, 3, 4, 5, 6, 7, 8, 9, 10, 11, 12, 13, 14, 15, 16, 17, 18, 19, 20, 21, 22, 23, 24, 25, 26, 27, 28, 29, 30, 31],
      "WindowCenter": [4806.0, 4810.0, 4788.0, 4788.0, 4812.0, 4788.0, 4788.0, 4810.0, 4812.0, 4814.0, 4812.0, 4788.0, 4790.0, 4814.0, 4792.0, 4820.0, 4796.0, 4792.0, 4822.0, 4818.0, 4810.0, 4844.0, 4844.0, 4766.0, 4802.0, 4842.0, 4808.0, 4804.0, 4784.0, 4794.0, 4864.0],
      "WindowWidth": [18604.0, 18602.0, 18570.0, 18570.0, 18602.0, 18568.0, 18562.0, 18598.0, 18594.0, 18596.0, 18590.0, 18560.0, 18560.0, 18578.0, 18562.0, 18582.0, 18550.0, 18560.0, 18590.0, 18600.0, 18598.0, 18646.0, 18636.0, 18512.0, 18592.0, 18644.0, 18610.0, 18622.0, 18574.0, 18544.0, 18606.0]
    },
    "slices": {}
  }
}